PATH
  remote: .
  specs:
    klear (0.0.1)
      applix
      bindata
      rubyzip

GEM
  remote: https://rubygems.org/
  specs:
    applix (0.4.10)
      daemons
    bindata (1.5.0)
    daemons (1.1.9)
    diff-lcs (1.1.3)
    guard (1.3.2)
      listen (>= 0.4.2)
      thor (>= 0.14.6)
    guard-rspec (1.2.1)
      guard (>= 1.1)
    listen (0.5.0)
    rb-fsevent (0.9.3)
    rspec (2.11.0)
      rspec-core (~> 2.11.0)
      rspec-expectations (~> 2.11.0)
      rspec-mocks (~> 2.11.0)
    rspec-core (2.11.1)
    rspec-expectations (2.11.3)
      diff-lcs (~> 1.1.3)
    rspec-mocks (2.11.2)
    rubyzip (0.9.9)
    thor (0.16.0)

PLATFORMS
  java
  ruby

DEPENDENCIES
  guard
  guard-rspec
  klear!
  rb-fsevent (~> 0.9.1)
  rspec
